GEM
  remote: https://rubygems.org/
  specs:
    gruff (0.14.0)
      histogram
      rmagick
    histogram (0.2.4.1)
    rmagick (4.2.3)

PLATFORMS
  ruby

DEPENDENCIES
  gruff (~> 0.14.0)

BUNDLED WITH
   2.1.4
